GIT
  remote: https://github.com/urbanautomaton/terraframe
  revision: 244a72229e2d7800f4adbb47648291cde976e5ea
  specs:
    terraframe (0.1.2)
      activesupport (~> 4.2.0)
      awesome_print (~> 1.6.1)
      hashie (~> 3.3.2)
      trollop (~> 2.0)

GEM
  remote: https://rubygems.org/
  specs:
    activesupport (4.2.4)
      i18n (~> 0.7)
      json (~> 1.7, >= 1.7.7)
      minitest (~> 5.1)
      thread_safe (~> 0.3, >= 0.3.4)
      tzinfo (~> 1.1)
    awesome_print (1.6.1)
    coderay (1.1.0)
    hashie (3.3.2)
    i18n (0.7.0)
    json (1.8.3)
    method_source (0.8.2)
    minitest (5.8.1)
    pry (0.10.3)
      coderay (~> 1.1.0)
      method_source (~> 0.8.1)
      slop (~> 3.4)
    slop (3.6.0)
    thread_safe (0.3.5)
    trollop (2.1.2)
    tzinfo (1.2.2)
      thread_safe (~> 0.1)

PLATFORMS
  ruby

DEPENDENCIES
  pry
  terraframe!

BUNDLED WITH
   1.10.5
